GEM
  remote: https://rubygems.org/
  specs:
    rake (13.2.1)

PLATFORMS
  x86_64-linux

DEPENDENCIES
  bundler (~> 2.0)
  rake (~> 13.0)

BUNDLED WITH
   2.3.26
